STORAGE: NONE
RESTRICTION: || (== net472) (== net8.0) (== net8.0-windows10.0.17763.0) (== netstandard2.0)
NUGET
  remote: https://api.nuget.org/v3/index.json
    Aardvark.Base (5.3.2)
      Aardvark.Base.Telemetry (5.3.2)
      System.Collections.Immutable (>= 8.0)
      System.Reflection.Metadata (>= 8.0)
      System.Text.Json (>= 8.0.4)
    Aardvark.Base.FSharp (5.3.2)
      Aardvark.Base (5.3.2)
      Aardvark.Base.TypeProviders (>= 4.5.15 < 4.6)
      FSharp.Core (>= 8.0)
      FSharp.Data.Adaptive (>= 1.2 < 1.3)
      FsPickler (>= 5.3.2 < 5.4)
      System.Dynamic.Runtime (>= 4.3 < 4.4)
    Aardvark.Base.IO (5.3.2)
      Aardvark.Base (5.3.2)
      Aardvark.Base.Tensors (5.3.2)
      System.Dynamic.Runtime (>= 4.3 < 4.4)
    Aardvark.Base.Telemetry (5.3.2)
    Aardvark.Base.Tensors (5.3.2)
      Aardvark.Base (5.3.2)
      Aardvark.Base.FSharp (5.3.2)
      FSharp.Core (>= 8.0)
    Aardvark.Base.TypeProviders (4.5.15)
      FSharp.Core (>= 3.1.2.5) - restriction: || (== net472) (&& (== net8.0) (>= net45)) (&& (== net8.0-windows10.0.17763.0) (>= net45)) (&& (== netstandard2.0) (>= net45))
      FSharp.Core (>= 4.2.3) - restriction: || (&& (== net472) (< net45)) (== net8.0) (== net8.0-windows10.0.17763.0) (== netstandard2.0)
    Aardvark.Build (1.0.25)
    Aardvark.Geometry.Clustering (5.5)
      Aardvark.Base (>= 5.3 < 5.4)
      Aardvark.Geometry.PointTree (5.5)
      FSharp.Core (>= 8.0)
    Aardvark.Geometry.Intersection (5.5)
      Aardvark.Base.IO (>= 5.3 < 5.4)
    Aardvark.Geometry.PointTree (5.5)
      Aardvark.Base.IO (>= 5.3 < 5.4)
    Aardvark.Geometry.PolyMesh (5.5)
      Aardvark.Base (>= 5.3 < 5.4)
      Aardvark.Geometry.Clustering (5.5)
      Aardvark.Geometry.Intersection (5.5)
      Aardvark.Rendering.Common (>= 5.5)
    Aardvark.Rendering.Common (5.5)
      Aardvark.Base (>= 5.3)
      FSharp.Core (>= 8.0)
      System.Reflection.Emit.Lightweight (>= 4.7)
    DevILSharp (0.2.20)
      FSharp.Core (>= 5.0)
    FSharp.Core (8.0.100)
    FSharp.Data.Adaptive (1.2.15)
      FSharp.Core (>= 4.7)
      System.Reflection.Emit.Lightweight (>= 4.6)
    FsPickler (5.3.2)
      FSharp.Core (>= 4.3.2)
      System.Reflection.Emit.Lightweight (>= 4.3) - restriction: || (&& (== net472) (< net45)) (== net8.0) (== net8.0-windows10.0.17763.0) (== netstandard2.0)
    glTF2Loader (1.1.4-alpha)
      NETStandard.Library (>= 1.6.1)
      Newtonsoft.Json (>= 10.0.3)
    ManagedEsent (2.0) - restriction: || (== net472) (&& (== net8.0) (>= net45) (< netstandard2.0)) (&& (== net8.0) (>= net47)) (&& (== net8.0-windows10.0.17763.0) (>= net45) (< netstandard2.0)) (&& (== net8.0-windows10.0.17763.0) (>= net47)) (&& (== netstandard2.0) (>= net47))
    Microsoft.Bcl.AsyncInterfaces (8.0) - restriction: || (== net472) (&& (== net8.0) (>= net462)) (&& (== net8.0) (>= net472)) (&& (== net8.0) (< net6.0)) (&& (== net8.0-windows10.0.17763.0) (>= net462)) (&& (== net8.0-windows10.0.17763.0) (>= net472)) (&& (== net8.0-windows10.0.17763.0) (< net6.0)) (== netstandard2.0)
      System.Threading.Tasks.Extensions (>= 4.5.4) - restriction: || (== net472) (&& (== net8.0) (>= net462)) (&& (== net8.0) (< netstandard2.1)) (&& (== net8.0-windows10.0.17763.0) (>= net462)) (&& (== net8.0-windows10.0.17763.0) (< netstandard2.1)) (== netstandard2.0)
    Microsoft.Database.ManagedEsent (2.0.4) - restriction: || (&& (== net472) (< net45)) (== net8.0) (== net8.0-windows10.0.17763.0) (== netstandard2.0)
    Microsoft.Extensions.DependencyInjection (8.0)
      Microsoft.Bcl.AsyncInterfaces (>= 8.0) - restriction: || (== net472) (&& (== net8.0) (>= net462)) (&& (== net8.0) (< netstandard2.1)) (&& (== net8.0-windows10.0.17763.0) (>= net462)) (&& (== net8.0-windows10.0.17763.0) (< netstandard2.1)) (== netstandard2.0)
      Microsoft.Extensions.DependencyInjection.Abstractions (>= 8.0)
      System.Threading.Tasks.Extensions (>= 4.5.4) - restriction: || (== net472) (&& (== net8.0) (>= net462)) (&& (== net8.0) (< netstandard2.1)) (&& (== net8.0-windows10.0.17763.0) (>= net462)) (&& (== net8.0-windows10.0.17763.0) (< netstandard2.1)) (== netstandard2.0)
    Microsoft.Extensions.DependencyInjection.Abstractions (8.0.1)
      Microsoft.Bcl.AsyncInterfaces (>= 8.0) - restriction: || (== net472) (&& (== net8.0) (>= net462)) (&& (== net8.0) (< netstandard2.1)) (&& (== net8.0-windows10.0.17763.0) (>= net462)) (&& (== net8.0-windows10.0.17763.0) (< netstandard2.1)) (== netstandard2.0)
      System.Threading.Tasks.Extensions (>= 4.5.4) - restriction: || (== net472) (&& (== net8.0) (>= net462)) (&& (== net8.0) (< netstandard2.1)) (&& (== net8.0-windows10.0.17763.0) (>= net462)) (&& (== net8.0-windows10.0.17763.0) (< netstandard2.1)) (== netstandard2.0)
    Microsoft.Extensions.Logging (8.0)
      Microsoft.Bcl.AsyncInterfaces (>= 8.0) - restriction: || (== net472) (&& (== net8.0) (>= net462)) (&& (== net8.0) (< netstandard2.1)) (&& (== net8.0-windows10.0.17763.0) (>= net462)) (&& (== net8.0-windows10.0.17763.0) (< netstandard2.1)) (== netstandard2.0)
      Microsoft.Extensions.DependencyInjection (>= 8.0)
      Microsoft.Extensions.Logging.Abstractions (>= 8.0)
      Microsoft.Extensions.Options (>= 8.0)
      System.Diagnostics.DiagnosticSource (>= 8.0) - restriction: || (== net472) (&& (== net8.0) (>= net462)) (&& (== net8.0) (< net6.0)) (&& (== net8.0) (< netstandard2.1)) (&& (== net8.0-windows10.0.17763.0) (>= net462)) (&& (== net8.0-windows10.0.17763.0) (< net6.0)) (&& (== net8.0-windows10.0.17763.0) (< netstandard2.1)) (== netstandard2.0)
      System.ValueTuple (>= 4.5) - restriction: || (== net472) (&& (== net8.0) (>= net462)) (&& (== net8.0-windows10.0.17763.0) (>= net462)) (&& (== netstandard2.0) (>= net462))
    Microsoft.Extensions.Logging.Abstractions (8.0.1)
      Microsoft.Extensions.DependencyInjection.Abstractions (>= 8.0.1)
      System.Buffers (>= 4.5.1) - restriction: || (== net472) (&& (== net8.0) (>= net462)) (&& (== net8.0) (< net6.0)) (&& (== net8.0-windows10.0.17763.0) (>= net462)) (&& (== net8.0-windows10.0.17763.0) (< net6.0)) (== netstandard2.0)
      System.Memory (>= 4.5.5) - restriction: || (== net472) (&& (== net8.0) (>= net462)) (&& (== net8.0) (< net6.0)) (&& (== net8.0-windows10.0.17763.0) (>= net462)) (&& (== net8.0-windows10.0.17763.0) (< net6.0)) (== netstandard2.0)
    Microsoft.Extensions.Options (8.0.2)
      Microsoft.Extensions.DependencyInjection.Abstractions (>= 8.0)
      Microsoft.Extensions.Primitives (>= 8.0)
      System.ComponentModel.Annotations (>= 5.0) - restriction: || (&& (== net472) (< net462)) (&& (== net472) (>= netstandard2.1)) (&& (== net8.0) (< net6.0)) (&& (== net8.0) (< netstandard2.1)) (&& (== net8.0-windows10.0.17763.0) (< net6.0)) (&& (== net8.0-windows10.0.17763.0) (< netstandard2.1)) (== netstandard2.0)
      System.ValueTuple (>= 4.5) - restriction: || (== net472) (&& (== net8.0) (>= net462)) (&& (== net8.0-windows10.0.17763.0) (>= net462)) (&& (== netstandard2.0) (>= net462))
    Microsoft.Extensions.Primitives (8.0)
      System.Memory (>= 4.5.5) - restriction: || (== net472) (&& (== net8.0) (>= net462)) (&& (== net8.0) (< net6.0)) (&& (== net8.0-windows10.0.17763.0) (>= net462)) (&& (== net8.0-windows10.0.17763.0) (< net6.0)) (== netstandard2.0)
      System.Runtime.CompilerServices.Unsafe (>= 6.0) - restriction: || (== net472) (&& (== net8.0) (>= net462)) (&& (== net8.0) (< net6.0)) (&& (== net8.0) (< net7.0)) (&& (== net8.0-windows10.0.17763.0) (>= net462)) (&& (== net8.0-windows10.0.17763.0) (< net6.0)) (&& (== net8.0-windows10.0.17763.0) (< net7.0)) (== netstandard2.0)
    Microsoft.NETCore.Platforms (7.0.4)
    Microsoft.NETCore.Targets (5.0) - restriction: || (&& (== net472) (< net45)) (== net8.0) (== net8.0-windows10.0.17763.0) (== netstandard2.0)
    Microsoft.Win32.SystemEvents (8.0) - restriction: || (&& (== net472) (>= net6.0)) (== net8.0) (== net8.0-windows10.0.17763.0) (&& (== netstandard2.0) (>= net6.0))
    NETStandard.Library (2.0.3)
      Microsoft.NETCore.Platforms (>= 1.1)
    Newtonsoft.Json (13.0.3)
    Pfim (0.11.2)
    SharpZipLib (1.4.2)
      System.Memory (>= 4.5.4) - restriction: || (== net472) (&& (== net8.0) (< netstandard2.1)) (&& (== net8.0-windows10.0.17763.0) (< netstandard2.1)) (== netstandard2.0)
      System.Threading.Tasks.Extensions (>= 4.5.2) - restriction: || (== net472) (&& (== net8.0) (< netstandard2.1)) (&& (== net8.0-windows10.0.17763.0) (< netstandard2.1)) (== netstandard2.0)
    SixLabors.ImageSharp (2.1.9)
      System.Buffers (>= 4.5.1) - restriction: || (== net472) (&& (== net8.0) (>= net472)) (&& (== net8.0) (< netcoreapp2.1)) (&& (== net8.0-windows10.0.17763.0) (>= net472)) (&& (== net8.0-windows10.0.17763.0) (< netcoreapp2.1)) (== netstandard2.0)
      System.Memory (>= 4.5.4) - restriction: || (== net472) (&& (== net8.0) (>= net472)) (&& (== net8.0) (< netcoreapp2.1)) (&& (== net8.0-windows10.0.17763.0) (>= net472)) (&& (== net8.0-windows10.0.17763.0) (< netcoreapp2.1)) (== netstandard2.0)
      System.Numerics.Vectors (>= 4.5) - restriction: || (== net472) (&& (== net8.0) (>= net472)) (&& (== net8.0) (< netcoreapp2.1)) (&& (== net8.0-windows10.0.17763.0) (>= net472)) (&& (== net8.0-windows10.0.17763.0) (< netcoreapp2.1)) (== netstandard2.0)
      System.Runtime.CompilerServices.Unsafe (>= 5.0)
      System.Text.Encoding.CodePages (>= 5.0)
    System.Buffers (4.5.1) - restriction: || (== net472) (&& (== net8.0) (>= net472)) (&& (== net8.0) (< netcoreapp2.1)) (&& (== net8.0-windows10.0.17763.0) (>= net472)) (&& (== net8.0-windows10.0.17763.0) (< netcoreapp2.1)) (== netstandard2.0)
    System.Collections (4.3) - restriction: || (&& (== net472) (< net45)) (== net8.0) (== net8.0-windows10.0.17763.0) (== netstandard2.0)
      Microsoft.NETCore.Platforms (>= 1.1) - restriction: || (&& (== net472) (< net45)) (== net8.0) (== net8.0-windows10.0.17763.0) (== netstandard2.0)
      Microsoft.NETCore.Targets (>= 1.1) - restriction: || (&& (== net472) (< net45)) (== net8.0) (== net8.0-windows10.0.17763.0) (== netstandard2.0)
      System.Runtime (>= 4.3) - restriction: || (&& (== net472) (< net45)) (== net8.0) (== net8.0-windows10.0.17763.0) (== netstandard2.0)
    System.Collections.Immutable (8.0)
      System.Memory (>= 4.5.5) - restriction: || (== net472) (&& (== net8.0) (>= net462)) (&& (== net8.0) (< net6.0)) (&& (== net8.0-windows10.0.17763.0) (>= net462)) (&& (== net8.0-windows10.0.17763.0) (< net6.0)) (== netstandard2.0)
      System.Runtime.CompilerServices.Unsafe (>= 6.0) - restriction: || (== net472) (&& (== net8.0) (>= net462)) (&& (== net8.0) (< net6.0)) (&& (== net8.0) (< net7.0)) (&& (== net8.0-windows10.0.17763.0) (>= net462)) (&& (== net8.0-windows10.0.17763.0) (< net6.0)) (&& (== net8.0-windows10.0.17763.0) (< net7.0)) (== netstandard2.0)
    System.ComponentModel.Annotations (5.0) - restriction: || (&& (== net472) (== net8.0)) (&& (== net472) (== net8.0-windows10.0.17763.0)) (&& (== net472) (< net462)) (&& (== net472) (>= netstandard2.1)) (&& (== net8.0) (< net6.0)) (&& (== net8.0) (< netstandard2.1)) (&& (== net8.0-windows10.0.17763.0) (< net6.0)) (&& (== net8.0-windows10.0.17763.0) (< netstandard2.1)) (== netstandard2.0)
    System.Diagnostics.Debug (4.3) - restriction: || (&& (== net472) (< net45)) (== net8.0) (== net8.0-windows10.0.17763.0) (== netstandard2.0)
      Microsoft.NETCore.Platforms (>= 1.1) - restriction: || (&& (== net472) (< net45)) (== net8.0) (== net8.0-windows10.0.17763.0) (== netstandard2.0)
      Microsoft.NETCore.Targets (>= 1.1) - restriction: || (&& (== net472) (< net45)) (== net8.0) (== net8.0-windows10.0.17763.0) (== netstandard2.0)
      System.Runtime (>= 4.3) - restriction: || (&& (== net472) (< net45)) (== net8.0) (== net8.0-windows10.0.17763.0) (== netstandard2.0)
    System.Diagnostics.DiagnosticSource (8.0.1) - restriction: || (== net472) (&& (== net8.0) (>= net462)) (&& (== net8.0) (< net6.0)) (&& (== net8.0) (< netstandard2.1)) (&& (== net8.0-windows10.0.17763.0) (>= net462)) (&& (== net8.0-windows10.0.17763.0) (< net6.0)) (&& (== net8.0-windows10.0.17763.0) (< netstandard2.1)) (== netstandard2.0)
      System.Memory (>= 4.5.5) - restriction: || (== net472) (&& (== net8.0) (>= net462)) (&& (== net8.0) (< net6.0)) (&& (== net8.0-windows10.0.17763.0) (>= net462)) (&& (== net8.0-windows10.0.17763.0) (< net6.0)) (== netstandard2.0)
      System.Runtime.CompilerServices.Unsafe (>= 6.0) - restriction: || (== net472) (&& (== net8.0) (>= net462)) (&& (== net8.0) (< net6.0)) (&& (== net8.0) (< net7.0)) (&& (== net8.0-windows10.0.17763.0) (>= net462)) (&& (== net8.0-windows10.0.17763.0) (< net6.0)) (&& (== net8.0-windows10.0.17763.0) (< net7.0)) (== netstandard2.0)
    System.Drawing.Common (8.0)
      Microsoft.Win32.SystemEvents (>= 8.0) - restriction: || (&& (== net472) (>= net6.0)) (== net8.0) (== net8.0-windows10.0.17763.0) (&& (== netstandard2.0) (>= net6.0))
    System.Dynamic.Runtime (4.3)
      System.Collections (>= 4.3) - restriction: || (&& (== net472) (< net45)) (== net8.0) (== net8.0-windows10.0.17763.0) (== netstandard2.0)
      System.Diagnostics.Debug (>= 4.3) - restriction: || (&& (== net472) (< net45)) (== net8.0) (== net8.0-windows10.0.17763.0) (== netstandard2.0)
      System.Linq (>= 4.3) - restriction: || (&& (== net472) (< net45)) (== net8.0) (== net8.0-windows10.0.17763.0) (== netstandard2.0)
      System.Linq.Expressions (>= 4.3) - restriction: || (&& (== net472) (< net45)) (== net8.0) (== net8.0-windows10.0.17763.0) (== netstandard2.0)
      System.ObjectModel (>= 4.3) - restriction: || (&& (== net472) (< net45)) (== net8.0) (== net8.0-windows10.0.17763.0) (== netstandard2.0)
      System.Reflection (>= 4.3) - restriction: || (&& (== net472) (< net45)) (== net8.0) (== net8.0-windows10.0.17763.0) (== netstandard2.0)
      System.Reflection.Emit (>= 4.3) - restriction: || (&& (== net472) (< net45)) (== net8.0) (== net8.0-windows10.0.17763.0) (== netstandard2.0)
      System.Reflection.Emit.ILGeneration (>= 4.3) - restriction: || (&& (== net472) (< net45)) (== net8.0) (== net8.0-windows10.0.17763.0) (== netstandard2.0)
      System.Reflection.Primitives (>= 4.3) - restriction: || (&& (== net472) (< net45)) (== net8.0) (== net8.0-windows10.0.17763.0) (== netstandard2.0)
      System.Reflection.TypeExtensions (>= 4.3) - restriction: || (&& (== net472) (< net45)) (== net8.0) (== net8.0-windows10.0.17763.0) (== netstandard2.0)
      System.Resources.ResourceManager (>= 4.3) - restriction: || (&& (== net472) (< net45)) (== net8.0) (== net8.0-windows10.0.17763.0) (== netstandard2.0)
      System.Runtime (>= 4.3) - restriction: || (&& (== net472) (< net45)) (== net8.0) (== net8.0-windows10.0.17763.0) (== netstandard2.0)
      System.Runtime.Extensions (>= 4.3) - restriction: || (&& (== net472) (< net45)) (== net8.0) (== net8.0-windows10.0.17763.0) (== netstandard2.0)
      System.Threading (>= 4.3) - restriction: || (&& (== net472) (< net45)) (== net8.0) (== net8.0-windows10.0.17763.0) (== netstandard2.0)
    System.Globalization (4.3) - restriction: || (&& (== net472) (< net45)) (== net8.0) (== net8.0-windows10.0.17763.0) (== netstandard2.0)
      Microsoft.NETCore.Platforms (>= 1.1) - restriction: || (&& (== net472) (< net45)) (== net8.0) (== net8.0-windows10.0.17763.0) (== netstandard2.0)
      Microsoft.NETCore.Targets (>= 1.1) - restriction: || (&& (== net472) (< net45)) (== net8.0) (== net8.0-windows10.0.17763.0) (== netstandard2.0)
      System.Runtime (>= 4.3) - restriction: || (&& (== net472) (< net45)) (== net8.0) (== net8.0-windows10.0.17763.0) (== netstandard2.0)
    System.IO (4.3) - restriction: || (&& (== net472) (< net45)) (== net8.0) (== net8.0-windows10.0.17763.0) (== netstandard2.0)
      Microsoft.NETCore.Platforms (>= 1.1) - restriction: || (&& (== net472) (< net45)) (== net8.0) (== net8.0-windows10.0.17763.0) (== netstandard2.0)
      Microsoft.NETCore.Targets (>= 1.1) - restriction: || (&& (== net472) (< net45)) (== net8.0) (== net8.0-windows10.0.17763.0) (== netstandard2.0)
      System.Runtime (>= 4.3) - restriction: || (&& (== net472) (< net45)) (== net8.0) (== net8.0-windows10.0.17763.0) (== netstandard2.0)
      System.Text.Encoding (>= 4.3) - restriction: || (&& (== net472) (< net45)) (== net8.0) (== net8.0-windows10.0.17763.0) (== netstandard2.0)
      System.Threading.Tasks (>= 4.3) - restriction: || (&& (== net472) (< net45)) (== net8.0) (== net8.0-windows10.0.17763.0) (== netstandard2.0)
    System.Linq (4.3) - restriction: || (&& (== net472) (< net45)) (== net8.0) (== net8.0-windows10.0.17763.0) (== netstandard2.0)
      System.Collections (>= 4.3) - restriction: || (&& (== net472) (< net45)) (== net8.0) (== net8.0-windows10.0.17763.0) (== netstandard2.0)
      System.Diagnostics.Debug (>= 4.3) - restriction: || (&& (== net472) (< net45)) (== net8.0) (== net8.0-windows10.0.17763.0) (== netstandard2.0)
      System.Resources.ResourceManager (>= 4.3) - restriction: || (&& (== net472) (< net45)) (== net8.0) (== net8.0-windows10.0.17763.0) (== netstandard2.0)
      System.Runtime (>= 4.3) - restriction: || (&& (== net472) (< net45)) (== net8.0) (== net8.0-windows10.0.17763.0) (== netstandard2.0)
      System.Runtime.Extensions (>= 4.3) - restriction: || (&& (== net472) (< net45)) (== net8.0) (== net8.0-windows10.0.17763.0) (== netstandard2.0)
    System.Linq.Expressions (4.3) - restriction: || (&& (== net472) (< net45)) (== net8.0) (== net8.0-windows10.0.17763.0) (== netstandard2.0)
      System.Collections (>= 4.3) - restriction: || (&& (== net472) (< net45)) (== net8.0) (== net8.0-windows10.0.17763.0) (== netstandard2.0)
      System.Diagnostics.Debug (>= 4.3) - restriction: || (&& (== net472) (< net45)) (== net8.0) (== net8.0-windows10.0.17763.0) (== netstandard2.0)
      System.Globalization (>= 4.3) - restriction: || (&& (== net472) (< net45)) (== net8.0) (== net8.0-windows10.0.17763.0) (== netstandard2.0)
      System.IO (>= 4.3) - restriction: || (&& (== net472) (< net45)) (== net8.0) (== net8.0-windows10.0.17763.0) (== netstandard2.0)
      System.Linq (>= 4.3) - restriction: || (&& (== net472) (< net45)) (== net8.0) (== net8.0-windows10.0.17763.0) (== netstandard2.0)
      System.ObjectModel (>= 4.3) - restriction: || (&& (== net472) (< net45)) (== net8.0) (== net8.0-windows10.0.17763.0) (== netstandard2.0)
      System.Reflection (>= 4.3) - restriction: || (&& (== net472) (< net45)) (== net8.0) (== net8.0-windows10.0.17763.0) (== netstandard2.0)
      System.Reflection.Emit (>= 4.3) - restriction: || (&& (== net472) (< net45)) (== net8.0) (== net8.0-windows10.0.17763.0) (== netstandard2.0)
      System.Reflection.Emit.ILGeneration (>= 4.3) - restriction: || (&& (== net472) (< net45)) (== net8.0) (== net8.0-windows10.0.17763.0) (== netstandard2.0)
      System.Reflection.Emit.Lightweight (>= 4.3) - restriction: || (&& (== net472) (< net45)) (== net8.0) (== net8.0-windows10.0.17763.0) (== netstandard2.0)
      System.Reflection.Extensions (>= 4.3) - restriction: || (&& (== net472) (< net45)) (== net8.0) (== net8.0-windows10.0.17763.0) (== netstandard2.0)
      System.Reflection.Primitives (>= 4.3) - restriction: || (&& (== net472) (< net45)) (== net8.0) (== net8.0-windows10.0.17763.0) (== netstandard2.0)
      System.Reflection.TypeExtensions (>= 4.3) - restriction: || (&& (== net472) (< net45)) (== net8.0) (== net8.0-windows10.0.17763.0) (== netstandard2.0)
      System.Resources.ResourceManager (>= 4.3) - restriction: || (&& (== net472) (< net45)) (== net8.0) (== net8.0-windows10.0.17763.0) (== netstandard2.0)
      System.Runtime (>= 4.3) - restriction: || (&& (== net472) (< net45)) (== net8.0) (== net8.0-windows10.0.17763.0) (== netstandard2.0)
      System.Runtime.Extensions (>= 4.3) - restriction: || (&& (== net472) (< net45)) (== net8.0) (== net8.0-windows10.0.17763.0) (== netstandard2.0)
      System.Threading (>= 4.3) - restriction: || (&& (== net472) (< net45)) (== net8.0) (== net8.0-windows10.0.17763.0) (== netstandard2.0)
    System.Memory (4.5.5)
      System.Buffers (>= 4.5.1) - restriction: || (== net472) (&& (== net8.0) (>= monotouch)) (&& (== net8.0) (>= net461)) (&& (== net8.0) (< netcoreapp2.0)) (&& (== net8.0) (< netstandard1.1)) (&& (== net8.0) (< netstandard2.0)) (&& (== net8.0) (>= xamarinios)) (&& (== net8.0) (>= xamarinmac)) (&& (== net8.0) (>= xamarintvos)) (&& (== net8.0) (>= xamarinwatchos)) (&& (== net8.0-windows10.0.17763.0) (>= monotouch)) (&& (== net8.0-windows10.0.17763.0) (>= net461)) (&& (== net8.0-windows10.0.17763.0) (< netcoreapp2.0)) (&& (== net8.0-windows10.0.17763.0) (< netstandard1.1)) (&& (== net8.0-windows10.0.17763.0) (< netstandard2.0)) (&& (== net8.0-windows10.0.17763.0) (>= xamarinios)) (&& (== net8.0-windows10.0.17763.0) (>= xamarinmac)) (&& (== net8.0-windows10.0.17763.0) (>= xamarintvos)) (&& (== net8.0-windows10.0.17763.0) (>= xamarinwatchos)) (== netstandard2.0)
      System.Numerics.Vectors (>= 4.4) - restriction: || (&& (== net472) (< net45)) (&& (== net8.0) (< netcoreapp2.0)) (&& (== net8.0-windows10.0.17763.0) (< netcoreapp2.0)) (== netstandard2.0)
      System.Numerics.Vectors (>= 4.5) - restriction: || (== net472) (&& (== net8.0) (>= net461)) (&& (== net8.0-windows10.0.17763.0) (>= net461)) (&& (== netstandard2.0) (>= net461))
      System.Runtime.CompilerServices.Unsafe (>= 4.5.3) - restriction: || (== net472) (&& (== net8.0) (>= monotouch)) (&& (== net8.0) (>= net461)) (&& (== net8.0) (< netcoreapp2.0)) (&& (== net8.0) (< netcoreapp2.1)) (&& (== net8.0) (< netstandard1.1)) (&& (== net8.0) (< netstandard2.0)) (&& (== net8.0) (>= uap10.1)) (&& (== net8.0) (>= xamarinios)) (&& (== net8.0) (>= xamarinmac)) (&& (== net8.0) (>= xamarintvos)) (&& (== net8.0) (>= xamarinwatchos)) (&& (== net8.0-windows10.0.17763.0) (>= monotouch)) (&& (== net8.0-windows10.0.17763.0) (>= net461)) (&& (== net8.0-windows10.0.17763.0) (< netcoreapp2.0)) (&& (== net8.0-windows10.0.17763.0) (< netcoreapp2.1)) (&& (== net8.0-windows10.0.17763.0) (< netstandard1.1)) (&& (== net8.0-windows10.0.17763.0) (< netstandard2.0)) (&& (== net8.0-windows10.0.17763.0) (>= uap10.1)) (&& (== net8.0-windows10.0.17763.0) (>= xamarinios)) (&& (== net8.0-windows10.0.17763.0) (>= xamarinmac)) (&& (== net8.0-windows10.0.17763.0) (>= xamarintvos)) (&& (== net8.0-windows10.0.17763.0) (>= xamarinwatchos)) (== netstandard2.0)
    System.Numerics.Vectors (4.5) - restriction: || (== net472) (&& (== net8.0) (>= net472)) (&& (== net8.0) (< netcoreapp2.1)) (&& (== net8.0-windows10.0.17763.0) (>= net472)) (&& (== net8.0-windows10.0.17763.0) (< netcoreapp2.1)) (== netstandard2.0)
    System.ObjectModel (4.3) - restriction: || (&& (== net472) (< net45)) (== net8.0) (== net8.0-windows10.0.17763.0) (== netstandard2.0)
      System.Collections (>= 4.3) - restriction: || (&& (== net472) (< net45)) (== net8.0) (== net8.0-windows10.0.17763.0) (== netstandard2.0)
      System.Diagnostics.Debug (>= 4.3) - restriction: || (&& (== net472) (< net45)) (== net8.0) (== net8.0-windows10.0.17763.0) (== netstandard2.0)
      System.Resources.ResourceManager (>= 4.3) - restriction: || (&& (== net472) (< net45)) (== net8.0) (== net8.0-windows10.0.17763.0) (== netstandard2.0)
      System.Runtime (>= 4.3) - restriction: || (&& (== net472) (< net45)) (== net8.0) (== net8.0-windows10.0.17763.0) (== netstandard2.0)
      System.Threading (>= 4.3) - restriction: || (&& (== net472) (< net45)) (== net8.0) (== net8.0-windows10.0.17763.0) (== netstandard2.0)
    System.Reflection (4.3) - restriction: || (&& (== net472) (< net45)) (== net8.0) (== net8.0-windows10.0.17763.0) (== netstandard2.0)
      Microsoft.NETCore.Platforms (>= 1.1) - restriction: || (&& (== net472) (< net45)) (== net8.0) (== net8.0-windows10.0.17763.0) (== netstandard2.0)
      Microsoft.NETCore.Targets (>= 1.1) - restriction: || (&& (== net472) (< net45)) (== net8.0) (== net8.0-windows10.0.17763.0) (== netstandard2.0)
      System.IO (>= 4.3) - restriction: || (&& (== net472) (< net45)) (== net8.0) (== net8.0-windows10.0.17763.0) (== netstandard2.0)
      System.Reflection.Primitives (>= 4.3) - restriction: || (&& (== net472) (< net45)) (== net8.0) (== net8.0-windows10.0.17763.0) (== netstandard2.0)
      System.Runtime (>= 4.3) - restriction: || (&& (== net472) (< net45)) (== net8.0) (== net8.0-windows10.0.17763.0) (== netstandard2.0)
    System.Reflection.Emit (4.7) - restriction: || (&& (== net472) (< net45)) (== net8.0) (== net8.0-windows10.0.17763.0) (== netstandard2.0)
      System.Reflection.Emit.ILGeneration (>= 4.7) - restriction: || (&& (== net472) (< net45)) (&& (== net472) (< netstandard1.1)) (&& (== net472) (< netstandard2.0) (>= wpa81)) (&& (== net472) (>= uap10.1)) (&& (== net8.0) (< netcoreapp2.0) (< netstandard2.1)) (&& (== net8.0) (< netstandard1.1)) (&& (== net8.0) (< netstandard2.0)) (&& (== net8.0) (>= uap10.1)) (&& (== net8.0-windows10.0.17763.0) (< netcoreapp2.0) (< netstandard2.1)) (&& (== net8.0-windows10.0.17763.0) (< netstandard1.1)) (&& (== net8.0-windows10.0.17763.0) (< netstandard2.0)) (&& (== net8.0-windows10.0.17763.0) (>= uap10.1)) (== netstandard2.0)
    System.Reflection.Emit.ILGeneration (4.7) - restriction: || (&& (== net472) (< net45)) (&& (== net472) (< netstandard1.1)) (&& (== net472) (< netstandard2.0) (>= wpa81)) (&& (== net472) (< portable-net45+wp8)) (&& (== net472) (>= uap10.1)) (== net8.0) (== net8.0-windows10.0.17763.0) (== netstandard2.0)
    System.Reflection.Emit.Lightweight (4.7)
      System.Reflection.Emit.ILGeneration (>= 4.7) - restriction: || (&& (== net472) (< net45)) (&& (== net472) (< netstandard2.0) (>= wpa81)) (&& (== net472) (< portable-net45+wp8)) (&& (== net472) (>= uap10.1)) (&& (== net8.0) (< netcoreapp2.0) (< netstandard2.1)) (&& (== net8.0) (< netstandard2.0)) (&& (== net8.0) (< portable-net45+wp8)) (&& (== net8.0) (>= uap10.1)) (&& (== net8.0-windows10.0.17763.0) (< netcoreapp2.0) (< netstandard2.1)) (&& (== net8.0-windows10.0.17763.0) (< netstandard2.0)) (&& (== net8.0-windows10.0.17763.0) (< portable-net45+wp8)) (&& (== net8.0-windows10.0.17763.0) (>= uap10.1)) (== netstandard2.0)
    System.Reflection.Extensions (4.3) - restriction: || (&& (== net472) (< net45)) (== net8.0) (== net8.0-windows10.0.17763.0) (== netstandard2.0)
      Microsoft.NETCore.Platforms (>= 1.1) - restriction: || (&& (== net472) (< net45)) (== net8.0) (== net8.0-windows10.0.17763.0) (== netstandard2.0)
      Microsoft.NETCore.Targets (>= 1.1) - restriction: || (&& (== net472) (< net45)) (== net8.0) (== net8.0-windows10.0.17763.0) (== netstandard2.0)
      System.Reflection (>= 4.3) - restriction: || (&& (== net472) (< net45)) (== net8.0) (== net8.0-windows10.0.17763.0) (== netstandard2.0)
      System.Runtime (>= 4.3) - restriction: || (&& (== net472) (< net45)) (== net8.0) (== net8.0-windows10.0.17763.0) (== netstandard2.0)
    System.Reflection.Metadata (8.0)
      System.Collections.Immutable (>= 8.0)
      System.Memory (>= 4.5.5) - restriction: || (== net472) (&& (== net8.0) (>= net462)) (&& (== net8.0) (< net6.0)) (&& (== net8.0-windows10.0.17763.0) (>= net462)) (&& (== net8.0-windows10.0.17763.0) (< net6.0)) (== netstandard2.0)
    System.Reflection.Primitives (4.3) - restriction: || (&& (== net472) (< net45)) (== net8.0) (== net8.0-windows10.0.17763.0) (== netstandard2.0)
      Microsoft.NETCore.Platforms (>= 1.1) - restriction: || (&& (== net472) (< net45)) (== net8.0) (== net8.0-windows10.0.17763.0) (== netstandard2.0)
      Microsoft.NETCore.Targets (>= 1.1) - restriction: || (&& (== net472) (< net45)) (== net8.0) (== net8.0-windows10.0.17763.0) (== netstandard2.0)
      System.Runtime (>= 4.3) - restriction: || (&& (== net472) (< net45)) (== net8.0) (== net8.0-windows10.0.17763.0) (== netstandard2.0)
    System.Reflection.TypeExtensions (4.7) - restriction: || (&& (== net472) (< net45)) (== net8.0) (== net8.0-windows10.0.17763.0) (== netstandard2.0)
    System.Resources.ResourceManager (4.3) - restriction: || (&& (== net472) (< net45)) (== net8.0) (== net8.0-windows10.0.17763.0) (== netstandard2.0)
      Microsoft.NETCore.Platforms (>= 1.1) - restriction: || (&& (== net472) (< net45)) (== net8.0) (== net8.0-windows10.0.17763.0) (== netstandard2.0)
      Microsoft.NETCore.Targets (>= 1.1) - restriction: || (&& (== net472) (< net45)) (== net8.0) (== net8.0-windows10.0.17763.0) (== netstandard2.0)
      System.Globalization (>= 4.3) - restriction: || (&& (== net472) (< net45)) (== net8.0) (== net8.0-windows10.0.17763.0) (== netstandard2.0)
      System.Reflection (>= 4.3) - restriction: || (&& (== net472) (< net45)) (== net8.0) (== net8.0-windows10.0.17763.0) (== netstandard2.0)
      System.Runtime (>= 4.3) - restriction: || (&& (== net472) (< net45)) (== net8.0) (== net8.0-windows10.0.17763.0) (== netstandard2.0)
    System.Runtime (4.3.1) - restriction: || (&& (== net472) (< net45)) (== net8.0) (== net8.0-windows10.0.17763.0) (== netstandard2.0)
      Microsoft.NETCore.Platforms (>= 1.1.1) - restriction: || (&& (== net472) (< net45)) (== net8.0) (== net8.0-windows10.0.17763.0) (== netstandard2.0)
      Microsoft.NETCore.Targets (>= 1.1.3) - restriction: || (&& (== net472) (< net45)) (== net8.0) (== net8.0-windows10.0.17763.0) (== netstandard2.0)
    System.Runtime.CompilerServices.Unsafe (6.0)
    System.Runtime.Extensions (4.3.1) - restriction: || (&& (== net472) (< net45)) (== net8.0) (== net8.0-windows10.0.17763.0) (== netstandard2.0)
      Microsoft.NETCore.Platforms (>= 1.1.1) - restriction: || (&& (== net472) (< net45)) (== net8.0) (== net8.0-windows10.0.17763.0) (== netstandard2.0)
      Microsoft.NETCore.Targets (>= 1.1.3) - restriction: || (&& (== net472) (< net45)) (== net8.0) (== net8.0-windows10.0.17763.0) (== netstandard2.0)
      System.Runtime (>= 4.3.1) - restriction: || (&& (== net472) (< net45)) (== net8.0) (== net8.0-windows10.0.17763.0) (== netstandard2.0)
    System.Text.Encoding (4.3) - restriction: || (&& (== net472) (< net45)) (== net8.0) (== net8.0-windows10.0.17763.0) (== netstandard2.0)
      Microsoft.NETCore.Platforms (>= 1.1) - restriction: || (&& (== net472) (< net45)) (== net8.0) (== net8.0-windows10.0.17763.0) (== netstandard2.0)
      Microsoft.NETCore.Targets (>= 1.1) - restriction: || (&& (== net472) (< net45)) (== net8.0) (== net8.0-windows10.0.17763.0) (== netstandard2.0)
      System.Runtime (>= 4.3) - restriction: || (&& (== net472) (< net45)) (== net8.0) (== net8.0-windows10.0.17763.0) (== netstandard2.0)
    System.Text.Encoding.CodePages (8.0)
      System.Memory (>= 4.5.5) - restriction: || (== net472) (&& (== net8.0) (>= net462)) (&& (== net8.0) (< net6.0)) (&& (== net8.0-windows10.0.17763.0) (>= net462)) (&& (== net8.0-windows10.0.17763.0) (< net6.0)) (== netstandard2.0)
      System.Runtime.CompilerServices.Unsafe (>= 6.0) - restriction: || (== net472) (&& (== net8.0) (>= net462)) (&& (== net8.0) (< net6.0)) (&& (== net8.0) (< net7.0)) (&& (== net8.0-windows10.0.17763.0) (>= net462)) (&& (== net8.0-windows10.0.17763.0) (< net6.0)) (&& (== net8.0-windows10.0.17763.0) (< net7.0)) (== netstandard2.0)
    System.Text.Encodings.Web (8.0)
      System.Buffers (>= 4.5.1) - restriction: || (== net472) (&& (== net8.0) (>= net462)) (&& (== net8.0) (< net6.0)) (&& (== net8.0-windows10.0.17763.0) (>= net462)) (&& (== net8.0-windows10.0.17763.0) (< net6.0)) (== netstandard2.0)
      System.Memory (>= 4.5.5) - restriction: || (== net472) (&& (== net8.0) (>= net462)) (&& (== net8.0) (< net6.0)) (&& (== net8.0-windows10.0.17763.0) (>= net462)) (&& (== net8.0-windows10.0.17763.0) (< net6.0)) (== netstandard2.0)
      System.Runtime.CompilerServices.Unsafe (>= 6.0) - restriction: || (== net472) (&& (== net8.0) (>= net462)) (&& (== net8.0) (< net6.0)) (&& (== net8.0) (< net7.0)) (&& (== net8.0-windows10.0.17763.0) (>= net462)) (&& (== net8.0-windows10.0.17763.0) (< net6.0)) (&& (== net8.0-windows10.0.17763.0) (< net7.0)) (== netstandard2.0)
    System.Text.Json (8.0.4)
      Microsoft.Bcl.AsyncInterfaces (>= 8.0) - restriction: || (== net472) (&& (== net8.0) (>= net462)) (&& (== net8.0) (< net6.0)) (&& (== net8.0-windows10.0.17763.0) (>= net462)) (&& (== net8.0-windows10.0.17763.0) (< net6.0)) (== netstandard2.0)
      System.Buffers (>= 4.5.1) - restriction: || (== net472) (&& (== net8.0) (>= net462)) (&& (== net8.0) (< net6.0)) (&& (== net8.0-windows10.0.17763.0) (>= net462)) (&& (== net8.0-windows10.0.17763.0) (< net6.0)) (== netstandard2.0)
      System.Memory (>= 4.5.5) - restriction: || (== net472) (&& (== net8.0) (>= net462)) (&& (== net8.0) (< net6.0)) (&& (== net8.0-windows10.0.17763.0) (>= net462)) (&& (== net8.0-windows10.0.17763.0) (< net6.0)) (== netstandard2.0)
      System.Runtime.CompilerServices.Unsafe (>= 6.0) - restriction: || (== net472) (&& (== net8.0) (>= net462)) (&& (== net8.0) (< net6.0)) (&& (== net8.0) (< net7.0)) (&& (== net8.0-windows10.0.17763.0) (>= net462)) (&& (== net8.0-windows10.0.17763.0) (< net6.0)) (&& (== net8.0-windows10.0.17763.0) (< net7.0)) (== netstandard2.0)
      System.Text.Encodings.Web (>= 8.0)
      System.Threading.Tasks.Extensions (>= 4.5.4) - restriction: || (== net472) (&& (== net8.0) (>= net462)) (&& (== net8.0) (< net6.0)) (&& (== net8.0-windows10.0.17763.0) (>= net462)) (&& (== net8.0-windows10.0.17763.0) (< net6.0)) (== netstandard2.0)
      System.ValueTuple (>= 4.5) - restriction: || (== net472) (&& (== net8.0) (>= net462)) (&& (== net8.0-windows10.0.17763.0) (>= net462)) (&& (== netstandard2.0) (>= net462))
    System.Threading (4.3) - restriction: || (&& (== net472) (< net45)) (== net8.0) (== net8.0-windows10.0.17763.0) (== netstandard2.0)
      System.Runtime (>= 4.3) - restriction: || (&& (== net472) (< net45)) (== net8.0) (== net8.0-windows10.0.17763.0) (== netstandard2.0)
      System.Threading.Tasks (>= 4.3) - restriction: || (&& (== net472) (< net45)) (== net8.0) (== net8.0-windows10.0.17763.0) (== netstandard2.0)
    System.Threading.Tasks (4.3)
    System.Threading.Tasks.Extensions (4.5.4) - restriction: || (== net472) (&& (== net8.0) (>= net462)) (&& (== net8.0) (>= net472)) (&& (== net8.0) (< net6.0)) (&& (== net8.0-windows10.0.17763.0) (>= net462)) (&& (== net8.0-windows10.0.17763.0) (>= net472)) (&& (== net8.0-windows10.0.17763.0) (< net6.0)) (== netstandard2.0)
      System.Runtime.CompilerServices.Unsafe (>= 4.5.3) - restriction: || (== net472) (&& (== net8.0) (>= net461)) (&& (== net8.0) (< netcoreapp2.1)) (&& (== net8.0) (< netstandard1.0)) (&& (== net8.0) (< netstandard2.0)) (&& (== net8.0) (>= wp8)) (&& (== net8.0-windows10.0.17763.0) (>= net461)) (&& (== net8.0-windows10.0.17763.0) (< netcoreapp2.1)) (&& (== net8.0-windows10.0.17763.0) (< netstandard1.0)) (&& (== net8.0-windows10.0.17763.0) (< netstandard2.0)) (&& (== net8.0-windows10.0.17763.0) (>= wp8)) (== netstandard2.0)
    System.ValueTuple (4.5) - restriction: || (== net472) (&& (== net8.0) (>= net462)) (&& (== net8.0-windows10.0.17763.0) (>= net462)) (&& (== netstandard2.0) (>= net462))
    Xbim.Common (5.1.341)
      Microsoft.Extensions.Logging (>= 2.1.1) - restriction: || (== net472) (&& (== net8.0) (>= net47)) (&& (== net8.0) (< netcoreapp3.1)) (&& (== net8.0) (< netstandard2.1)) (&& (== net8.0-windows10.0.17763.0) (>= net47)) (&& (== net8.0-windows10.0.17763.0) (< netcoreapp3.1)) (&& (== net8.0-windows10.0.17763.0) (< netstandard2.1)) (== netstandard2.0)
      Microsoft.Extensions.Logging (>= 3.1.3) - restriction: || (&& (== net472) (>= netcoreapp3.1)) (== net8.0) (== net8.0-windows10.0.17763.0) (&& (== netstandard2.0) (>= netcoreapp3.1))
      Microsoft.Extensions.Logging.Abstractions (>= 2.1.1) - restriction: || (== net472) (&& (== net8.0) (>= net47)) (&& (== net8.0) (< netcoreapp3.1)) (&& (== net8.0) (< netstandard2.1)) (&& (== net8.0-windows10.0.17763.0) (>= net47)) (&& (== net8.0-windows10.0.17763.0) (< netcoreapp3.1)) (&& (== net8.0-windows10.0.17763.0) (< netstandard2.1)) (== netstandard2.0)
      Microsoft.Extensions.Logging.Abstractions (>= 3.1.3) - restriction: || (&& (== net472) (>= netcoreapp3.1)) (== net8.0) (== net8.0-windows10.0.17763.0) (&& (== netstandard2.0) (>= netcoreapp3.1))
      System.Memory (>= 4.5.4)
    Xbim.Essentials (5.1.341)
      Xbim.Common (>= 5.1.341)
      Xbim.Ifc (>= 5.1.341)
      Xbim.Ifc2x3 (>= 5.1.341)
      Xbim.Ifc4 (>= 5.1.341)
      Xbim.IO.Esent (>= 5.1.341) - restriction: || (== net472) (&& (== net8.0) (>= net45) (< netstandard2.0)) (&& (== net8.0) (>= net46) (< netstandard2.0)) (&& (== net8.0) (>= net47)) (&& (== net8.0-windows10.0.17763.0) (>= net45) (< netstandard2.0)) (&& (== net8.0-windows10.0.17763.0) (>= net46) (< netstandard2.0)) (&& (== net8.0-windows10.0.17763.0) (>= net47)) (&& (== netstandard2.0) (>= net47))
      Xbim.IO.MemoryModel (>= 5.1.341)
      Xbim.Tessellator (>= 5.1.341)
    Xbim.Geometry (5.1.437)
      Xbim.Geometry.Engine.Interop (>= 5.1.437)
      Xbim.ModelGeometry.Scene (>= 5.1.437)
    Xbim.Geometry.Engine.Interop (5.1.437)
      Microsoft.Extensions.Logging (>= 2.1.1) - restriction: || (== net472) (&& (== net8.0) (>= net472)) (&& (== net8.0-windows10.0.17763.0) (>= net472)) (&& (== netstandard2.0) (>= net472))
      Microsoft.Extensions.Logging.Abstractions (>= 2.1.1) - restriction: || (== net472) (&& (== net8.0) (>= net472)) (&& (== net8.0-windows10.0.17763.0) (>= net472)) (&& (== netstandard2.0) (>= net472))
      System.Threading.Tasks (>= 4.3) - restriction: || (== net472) (&& (== net8.0) (>= net472)) (&& (== net8.0-windows10.0.17763.0) (>= net472)) (&& (== netstandard2.0) (>= net472))
      Xbim.Ifc (>= 5.1.341) - restriction: || (== net472) (&& (== net8.0) (>= net472)) (&& (== net8.0-windows10.0.17763.0) (>= net472)) (&& (== netstandard2.0) (>= net472))
      Xbim.Tessellator (>= 5.1.314) - restriction: || (== net472) (&& (== net8.0) (>= net472)) (&& (== net8.0-windows10.0.17763.0) (>= net472)) (&& (== netstandard2.0) (>= net472))
    Xbim.Ifc (5.1.341)
      Xbim.IO.MemoryModel (>= 5.1.341)
    Xbim.Ifc2x3 (5.1.341)
      Xbim.Ifc4 (>= 5.1.341)
    Xbim.Ifc4 (5.1.341)
      Xbim.Common (>= 5.1.341)
    Xbim.IO.Esent (5.1.341)
      ManagedEsent (>= 1.9.4) - restriction: || (== net472) (&& (== net8.0) (>= net45) (< netstandard2.0)) (&& (== net8.0) (>= net47)) (&& (== net8.0-windows10.0.17763.0) (>= net45) (< netstandard2.0)) (&& (== net8.0-windows10.0.17763.0) (>= net47)) (&& (== netstandard2.0) (>= net47))
      Microsoft.Database.ManagedEsent (>= 2.0.1) - restriction: || (&& (== net472) (< net45)) (== net8.0) (== net8.0-windows10.0.17763.0) (== netstandard2.0)
      Xbim.IO.MemoryModel (>= 5.1.341)
    Xbim.IO.MemoryModel (5.1.341)
      Xbim.Ifc2x3 (>= 5.1.341)
    Xbim.ModelGeometry.Scene (5.1.437)
      Xbim.Geometry.Engine.Interop (>= 5.1.437) - restriction: || (== net472) (&& (== net8.0) (>= net472)) (&& (== net8.0-windows10.0.17763.0) (>= net472)) (&& (== netstandard2.0) (>= net472))
      Xbim.Ifc (>= 5.1.341) - restriction: || (== net472) (&& (== net8.0) (>= net472)) (&& (== net8.0-windows10.0.17763.0) (>= net472)) (&& (== netstandard2.0) (>= net472))
      Xbim.Tessellator (>= 5.1.341) - restriction: || (== net472) (&& (== net8.0) (>= net472)) (&& (== net8.0-windows10.0.17763.0) (>= net472)) (&& (== netstandard2.0) (>= net472))
    Xbim.Tessellator (5.1.341)
      Xbim.Ifc2x3 (>= 5.1.341)

GROUP Test
STORAGE: NONE
RESTRICTION: || (== net472) (== net8.0) (== net8.0-windows10.0.17763.0) (== netstandard2.0)
NUGET
  remote: https://api.nuget.org/v3/index.json
    BenchmarkDotNet (0.13.12)
      BenchmarkDotNet.Annotations (>= 0.13.12)
      CommandLineParser (>= 2.9.1)
      Gee.External.Capstone (>= 2.3)
      Iced (>= 1.17)
      Microsoft.CodeAnalysis.CSharp (>= 4.1)
      Microsoft.Diagnostics.Runtime (>= 2.2.332302)
      Microsoft.Diagnostics.Tracing.TraceEvent (>= 3.0.2)
      Microsoft.DotNet.PlatformAbstractions (>= 3.1.6)
      Microsoft.Win32.Registry (>= 5.0) - restriction: || (== net472) (&& (== net8.0) (< net6.0)) (&& (== net8.0-windows10.0.17763.0) (< net6.0)) (== netstandard2.0)
      Perfolizer (0.2.1)
      System.Management (>= 5.0)
      System.Numerics.Vectors (>= 4.5) - restriction: || (== net472) (&& (== net8.0) (< net6.0)) (&& (== net8.0-windows10.0.17763.0) (< net6.0)) (== netstandard2.0)
      System.Reflection.Emit (>= 4.7) - restriction: || (== net472) (&& (== net8.0) (< net6.0)) (&& (== net8.0-windows10.0.17763.0) (< net6.0)) (== netstandard2.0)
      System.Reflection.Emit.Lightweight (>= 4.7) - restriction: || (== net472) (&& (== net8.0) (< net6.0)) (&& (== net8.0-windows10.0.17763.0) (< net6.0)) (== netstandard2.0)
      System.Threading.Tasks.Extensions (>= 4.5.4) - restriction: || (== net472) (&& (== net8.0) (< net6.0)) (&& (== net8.0-windows10.0.17763.0) (< net6.0)) (== netstandard2.0)
    BenchmarkDotNet.Annotations (0.13.12)
    CommandLineParser (2.9.1)
    Expecto (10.1)
      FSharp.Core (>= 7.0.200) - restriction: || (&& (== net472) (>= net6.0)) (== net8.0) (== net8.0-windows10.0.17763.0) (&& (== netstandard2.0) (>= net6.0))
      Mono.Cecil (>= 0.11.4 < 1.0) - restriction: || (&& (== net472) (>= net6.0)) (== net8.0) (== net8.0-windows10.0.17763.0) (&& (== netstandard2.0) (>= net6.0))
    Expecto.FsCheck (10.1)
      Expecto (>= 10.1) - restriction: || (&& (== net472) (>= net6.0)) (== net8.0) (== net8.0-windows10.0.17763.0) (&& (== netstandard2.0) (>= net6.0))
      FsCheck (>= 2.16.5 < 3.0) - restriction: || (&& (== net472) (>= net6.0)) (== net8.0) (== net8.0-windows10.0.17763.0) (&& (== netstandard2.0) (>= net6.0))
    FsCheck (2.16.6)
      FSharp.Core (>= 4.2.3)
    FsCheck.NUnit (2.16.6)
      FsCheck (2.16.6)
      NUnit (>= 3.13.1 < 4.0)
    FSharp.Core (8.0.301)
    FsUnit (5.4)
      FSharp.Core (>= 5.0.2)
      NUnit (>= 3.13.3 < 3.14)
    Gee.External.Capstone (2.3)
    Iced (1.21)
    Microsoft.Bcl.AsyncInterfaces (8.0) - restriction: || (== net472) (&& (== net8.0) (>= net462)) (&& (== net8.0) (< net6.0)) (&& (== net8.0) (< netstandard2.1)) (&& (== net8.0-windows10.0.17763.0) (>= net462)) (&& (== net8.0-windows10.0.17763.0) (< net6.0)) (&& (== net8.0-windows10.0.17763.0) (< netstandard2.1)) (== netstandard2.0)
      System.Threading.Tasks.Extensions (>= 4.5.4) - restriction: || (== net472) (&& (== net8.0) (>= net462)) (&& (== net8.0) (< netstandard2.1)) (&& (== net8.0-windows10.0.17763.0) (>= net462)) (&& (== net8.0-windows10.0.17763.0) (< netstandard2.1)) (== netstandard2.0)
    Microsoft.CodeAnalysis.Analyzers (3.3.4)
    Microsoft.CodeAnalysis.Common (4.10)
      Microsoft.CodeAnalysis.Analyzers (>= 3.3.4)
      System.Buffers (>= 4.5.1) - restriction: || (== net472) (&& (== net8.0) (< net7.0)) (&& (== net8.0-windows10.0.17763.0) (< net7.0)) (== netstandard2.0)
      System.Collections.Immutable (>= 8.0)
      System.Memory (>= 4.5.5) - restriction: || (== net472) (&& (== net8.0) (< net7.0)) (&& (== net8.0-windows10.0.17763.0) (< net7.0)) (== netstandard2.0)
      System.Numerics.Vectors (>= 4.5) - restriction: || (== net472) (&& (== net8.0) (< net7.0)) (&& (== net8.0-windows10.0.17763.0) (< net7.0)) (== netstandard2.0)
      System.Reflection.Metadata (>= 8.0)
      System.Runtime.CompilerServices.Unsafe (>= 6.0) - restriction: || (== net472) (&& (== net8.0) (< net7.0)) (&& (== net8.0-windows10.0.17763.0) (< net7.0)) (== netstandard2.0)
      System.Text.Encoding.CodePages (>= 7.0) - restriction: || (== net472) (&& (== net8.0) (< net7.0)) (&& (== net8.0-windows10.0.17763.0) (< net7.0)) (== netstandard2.0)
      System.Threading.Tasks.Extensions (>= 4.5.4) - restriction: || (== net472) (&& (== net8.0) (< net7.0)) (&& (== net8.0-windows10.0.17763.0) (< net7.0)) (== netstandard2.0)
    Microsoft.CodeAnalysis.CSharp (4.10)
      Microsoft.CodeAnalysis.Analyzers (>= 3.3.4)
      Microsoft.CodeAnalysis.Common (4.10)
      System.Buffers (>= 4.5.1) - restriction: || (== net472) (&& (== net8.0) (< net7.0)) (&& (== net8.0-windows10.0.17763.0) (< net7.0)) (== netstandard2.0)
      System.Collections.Immutable (>= 8.0)
      System.Memory (>= 4.5.5) - restriction: || (== net472) (&& (== net8.0) (< net7.0)) (&& (== net8.0-windows10.0.17763.0) (< net7.0)) (== netstandard2.0)
      System.Numerics.Vectors (>= 4.5) - restriction: || (== net472) (&& (== net8.0) (< net7.0)) (&& (== net8.0-windows10.0.17763.0) (< net7.0)) (== netstandard2.0)
      System.Reflection.Metadata (>= 8.0)
      System.Runtime.CompilerServices.Unsafe (>= 6.0) - restriction: || (== net472) (&& (== net8.0) (< net7.0)) (&& (== net8.0-windows10.0.17763.0) (< net7.0)) (== netstandard2.0)
      System.Text.Encoding.CodePages (>= 7.0) - restriction: || (== net472) (&& (== net8.0) (< net7.0)) (&& (== net8.0-windows10.0.17763.0) (< net7.0)) (== netstandard2.0)
      System.Threading.Tasks.Extensions (>= 4.5.4) - restriction: || (== net472) (&& (== net8.0) (< net7.0)) (&& (== net8.0-windows10.0.17763.0) (< net7.0)) (== netstandard2.0)
    Microsoft.CodeCoverage (17.10) - restriction: || (== net472) (== net8.0) (== net8.0-windows10.0.17763.0) (&& (== netstandard2.0) (>= net462)) (&& (== netstandard2.0) (>= netcoreapp3.1))
    Microsoft.Diagnostics.NETCore.Client (0.2.532401)
      Microsoft.Bcl.AsyncInterfaces (>= 6.0) - restriction: || (== net472) (&& (== net8.0) (< net6.0)) (&& (== net8.0-windows10.0.17763.0) (< net6.0)) (== netstandard2.0)
      Microsoft.Extensions.Logging.Abstractions (>= 6.0.4)
      System.Buffers (>= 4.5.1) - restriction: || (== net472) (&& (== net8.0) (< net6.0)) (&& (== net8.0-windows10.0.17763.0) (< net6.0)) (== netstandard2.0)
    Microsoft.Diagnostics.Runtime (3.1.512801)
      Microsoft.Diagnostics.NETCore.Client (>= 0.2.410101)
      System.Collections.Immutable (>= 6.0) - restriction: || (== net472) (&& (== net8.0) (< net6.0)) (&& (== net8.0-windows10.0.17763.0) (< net6.0)) (== netstandard2.0)
      System.Runtime.CompilerServices.Unsafe (>= 6.0) - restriction: || (== net472) (&& (== net8.0) (< net6.0)) (&& (== net8.0-windows10.0.17763.0) (< net6.0)) (== netstandard2.0)
    Microsoft.Diagnostics.Tracing.TraceEvent (3.1.13)
      Microsoft.Win32.Registry (>= 5.0)
      System.Collections.Immutable (>= 8.0)
      System.Reflection.Metadata (>= 8.0)
      System.Reflection.TypeExtensions (>= 4.7)
      System.Runtime.CompilerServices.Unsafe (>= 6.0)
    Microsoft.DotNet.PlatformAbstractions (3.1.6)
      System.Runtime.InteropServices.RuntimeInformation (>= 4.0) - restriction: || (== net472) (&& (== net8.0) (>= net45)) (&& (== net8.0) (< netstandard2.0)) (&& (== net8.0-windows10.0.17763.0) (>= net45)) (&& (== net8.0-windows10.0.17763.0) (< netstandard2.0)) (&& (== netstandard2.0) (>= net45))
    Microsoft.Extensions.DependencyInjection.Abstractions (8.0.1)
      Microsoft.Bcl.AsyncInterfaces (>= 8.0) - restriction: || (== net472) (&& (== net8.0) (>= net462)) (&& (== net8.0) (< netstandard2.1)) (&& (== net8.0-windows10.0.17763.0) (>= net462)) (&& (== net8.0-windows10.0.17763.0) (< netstandard2.1)) (== netstandard2.0)
      System.Threading.Tasks.Extensions (>= 4.5.4) - restriction: || (== net472) (&& (== net8.0) (>= net462)) (&& (== net8.0) (< netstandard2.1)) (&& (== net8.0-windows10.0.17763.0) (>= net462)) (&& (== net8.0-windows10.0.17763.0) (< netstandard2.1)) (== netstandard2.0)
    Microsoft.Extensions.Logging.Abstractions (8.0.1)
      Microsoft.Extensions.DependencyInjection.Abstractions (>= 8.0.1)
      System.Buffers (>= 4.5.1) - restriction: || (== net472) (&& (== net8.0) (>= net462)) (&& (== net8.0) (< net6.0)) (&& (== net8.0-windows10.0.17763.0) (>= net462)) (&& (== net8.0-windows10.0.17763.0) (< net6.0)) (== netstandard2.0)
      System.Memory (>= 4.5.5) - restriction: || (== net472) (&& (== net8.0) (>= net462)) (&& (== net8.0) (< net6.0)) (&& (== net8.0-windows10.0.17763.0) (>= net462)) (&& (== net8.0-windows10.0.17763.0) (< net6.0)) (== netstandard2.0)
    Microsoft.NET.Test.Sdk (17.7.2)
      Microsoft.CodeCoverage (>= 17.7.2) - restriction: || (== net472) (== net8.0) (== net8.0-windows10.0.17763.0) (&& (== netstandard2.0) (>= net462)) (&& (== netstandard2.0) (>= netcoreapp3.1))
      Microsoft.TestPlatform.TestHost (>= 17.7.2) - restriction: || (&& (== net472) (>= netcoreapp3.1)) (== net8.0) (== net8.0-windows10.0.17763.0) (&& (== netstandard2.0) (>= netcoreapp3.1))
    Microsoft.NETCore.Platforms (7.0.4) - restriction: || (&& (== net472) (< net35)) (&& (== net472) (>= netcoreapp2.0)) (&& (== net472) (< netstandard1.0) (>= win8)) (&& (== net472) (< netstandard1.3) (>= wpa81)) (&& (== net472) (< netstandard1.5) (>= uap10.0)) (&& (== net472) (>= uap10.1)) (&& (== net472) (>= wp8)) (== net8.0) (== net8.0-windows10.0.17763.0) (== netstandard2.0)
    Microsoft.TestPlatform.ObjectModel (17.10) - restriction: || (&& (== net472) (>= netcoreapp3.1)) (== net8.0) (== net8.0-windows10.0.17763.0) (&& (== netstandard2.0) (>= netcoreapp3.1))
      System.Reflection.Metadata (>= 1.6)
    Microsoft.TestPlatform.TestHost (17.10) - restriction: || (&& (== net472) (>= netcoreapp3.1)) (== net8.0) (== net8.0-windows10.0.17763.0) (&& (== netstandard2.0) (>= netcoreapp3.1))
      Microsoft.TestPlatform.ObjectModel (>= 17.10) - restriction: || (&& (== net472) (>= netcoreapp3.1)) (== net8.0) (== net8.0-windows10.0.17763.0) (&& (== netstandard2.0) (>= netcoreapp3.1))
      Newtonsoft.Json (>= 13.0.1) - restriction: || (&& (== net472) (>= netcoreapp3.1)) (== net8.0) (== net8.0-windows10.0.17763.0) (&& (== netstandard2.0) (>= netcoreapp3.1))
    Microsoft.Win32.Registry (5.0)
      System.Buffers (>= 4.5.1) - restriction: || (&& (== net472) (== net8.0)) (&& (== net472) (== net8.0-windows10.0.17763.0)) (&& (== net472) (>= monoandroid) (< netstandard1.3)) (&& (== net472) (>= monotouch)) (&& (== net472) (< net46)) (&& (== net472) (>= xamarinios)) (&& (== net472) (>= xamarinmac)) (&& (== net472) (>= xamarintvos)) (&& (== net472) (>= xamarinwatchos)) (&& (== net8.0) (>= monoandroid) (< netstandard1.3)) (&& (== net8.0) (>= monotouch)) (&& (== net8.0) (< netcoreapp2.0)) (&& (== net8.0) (>= xamarinios)) (&& (== net8.0) (>= xamarinmac)) (&& (== net8.0) (>= xamarintvos)) (&& (== net8.0) (>= xamarinwatchos)) (&& (== net8.0-windows10.0.17763.0) (>= monoandroid) (< netstandard1.3)) (&& (== net8.0-windows10.0.17763.0) (>= monotouch)) (&& (== net8.0-windows10.0.17763.0) (< netcoreapp2.0)) (&& (== net8.0-windows10.0.17763.0) (>= xamarinios)) (&& (== net8.0-windows10.0.17763.0) (>= xamarinmac)) (&& (== net8.0-windows10.0.17763.0) (>= xamarintvos)) (&& (== net8.0-windows10.0.17763.0) (>= xamarinwatchos)) (== netstandard2.0)
      System.Memory (>= 4.5.4) - restriction: || (&& (== net472) (== net8.0)) (&& (== net472) (== net8.0-windows10.0.17763.0)) (&& (== net472) (< net46)) (&& (== net472) (>= netcoreapp2.0)) (&& (== net472) (>= uap10.1)) (&& (== net8.0) (< netcoreapp2.0)) (&& (== net8.0) (< netcoreapp2.1)) (&& (== net8.0) (>= uap10.1)) (&& (== net8.0-windows10.0.17763.0) (< netcoreapp2.0)) (&& (== net8.0-windows10.0.17763.0) (< netcoreapp2.1)) (&& (== net8.0-windows10.0.17763.0) (>= uap10.1)) (== netstandard2.0)
      System.Security.AccessControl (>= 5.0)
      System.Security.Principal.Windows (>= 5.0)
    Mono.Cecil (0.11.5) - restriction: || (&& (== net472) (>= net6.0)) (== net8.0) (== net8.0-windows10.0.17763.0) (&& (== netstandard2.0) (>= net6.0))
    NETStandard.Library (2.0.3) - restriction: || (&& (== net472) (< net35)) (== net8.0) (== net8.0-windows10.0.17763.0) (== netstandard2.0)
      Microsoft.NETCore.Platforms (>= 1.1)
    Newtonsoft.Json (13.0.3) - restriction: || (&& (== net472) (>= netcoreapp3.1)) (== net8.0) (== net8.0-windows10.0.17763.0) (&& (== netstandard2.0) (>= netcoreapp3.1))
    NUnit (3.13.3)
      NETStandard.Library (>= 2.0) - restriction: || (&& (== net472) (< net35)) (== net8.0) (== net8.0-windows10.0.17763.0) (== netstandard2.0)
    NUnit3TestAdapter (4.5)
    Perfolizer (0.2.1)
      System.Memory (>= 4.5.3)
    System.Buffers (4.5.1) - restriction: || (== net472) (&& (== net8.0) (>= monoandroid) (< netstandard1.3)) (&& (== net8.0) (>= monotouch)) (&& (== net8.0) (< net6.0) (>= xamarinios)) (&& (== net8.0) (< net6.0) (>= xamarinmac)) (&& (== net8.0) (< net6.0) (>= xamarintvos)) (&& (== net8.0) (< net6.0) (>= xamarinwatchos)) (&& (== net8.0) (< net7.0)) (&& (== net8.0) (< netcoreapp2.0)) (&& (== net8.0-windows10.0.17763.0) (>= monoandroid) (< netstandard1.3)) (&& (== net8.0-windows10.0.17763.0) (>= monotouch)) (&& (== net8.0-windows10.0.17763.0) (< net6.0) (>= xamarinios)) (&& (== net8.0-windows10.0.17763.0) (< net6.0) (>= xamarinmac)) (&& (== net8.0-windows10.0.17763.0) (< net6.0) (>= xamarintvos)) (&& (== net8.0-windows10.0.17763.0) (< net6.0) (>= xamarinwatchos)) (&& (== net8.0-windows10.0.17763.0) (< net7.0)) (&& (== net8.0-windows10.0.17763.0) (< netcoreapp2.0)) (== netstandard2.0)
    System.CodeDom (8.0)
    System.Collections.Immutable (8.0)
    System.Management (8.0)
      System.CodeDom (>= 8.0)
    System.Memory (4.5.5)
      System.Buffers (>= 4.5.1) - restriction: || (== net472) (&& (== net8.0) (>= monotouch)) (&& (== net8.0) (>= net461)) (&& (== net8.0) (< netcoreapp2.0)) (&& (== net8.0) (< netstandard1.1)) (&& (== net8.0) (< netstandard2.0)) (&& (== net8.0) (>= xamarinios)) (&& (== net8.0) (>= xamarinmac)) (&& (== net8.0) (>= xamarintvos)) (&& (== net8.0) (>= xamarinwatchos)) (&& (== net8.0-windows10.0.17763.0) (>= monotouch)) (&& (== net8.0-windows10.0.17763.0) (>= net461)) (&& (== net8.0-windows10.0.17763.0) (< netcoreapp2.0)) (&& (== net8.0-windows10.0.17763.0) (< netstandard1.1)) (&& (== net8.0-windows10.0.17763.0) (< netstandard2.0)) (&& (== net8.0-windows10.0.17763.0) (>= xamarinios)) (&& (== net8.0-windows10.0.17763.0) (>= xamarinmac)) (&& (== net8.0-windows10.0.17763.0) (>= xamarintvos)) (&& (== net8.0-windows10.0.17763.0) (>= xamarinwatchos)) (== netstandard2.0)
      System.Numerics.Vectors (>= 4.4) - restriction: || (&& (== net472) (== net8.0)) (&& (== net472) (== net8.0-windows10.0.17763.0)) (&& (== net472) (< net45)) (&& (== net8.0) (< netcoreapp2.0)) (&& (== net8.0-windows10.0.17763.0) (< netcoreapp2.0)) (== netstandard2.0)
      System.Numerics.Vectors (>= 4.5) - restriction: || (== net472) (&& (== net8.0) (>= net461)) (&& (== net8.0-windows10.0.17763.0) (>= net461)) (&& (== netstandard2.0) (>= net461))
      System.Runtime.CompilerServices.Unsafe (>= 4.5.3) - restriction: || (== net472) (&& (== net8.0) (>= monotouch)) (&& (== net8.0) (>= net461)) (&& (== net8.0) (< netcoreapp2.0)) (&& (== net8.0) (< netcoreapp2.1)) (&& (== net8.0) (< netstandard1.1)) (&& (== net8.0) (< netstandard2.0)) (&& (== net8.0) (>= uap10.1)) (&& (== net8.0) (>= xamarinios)) (&& (== net8.0) (>= xamarinmac)) (&& (== net8.0) (>= xamarintvos)) (&& (== net8.0) (>= xamarinwatchos)) (&& (== net8.0-windows10.0.17763.0) (>= monotouch)) (&& (== net8.0-windows10.0.17763.0) (>= net461)) (&& (== net8.0-windows10.0.17763.0) (< netcoreapp2.0)) (&& (== net8.0-windows10.0.17763.0) (< netcoreapp2.1)) (&& (== net8.0-windows10.0.17763.0) (< netstandard1.1)) (&& (== net8.0-windows10.0.17763.0) (< netstandard2.0)) (&& (== net8.0-windows10.0.17763.0) (>= uap10.1)) (&& (== net8.0-windows10.0.17763.0) (>= xamarinios)) (&& (== net8.0-windows10.0.17763.0) (>= xamarinmac)) (&& (== net8.0-windows10.0.17763.0) (>= xamarintvos)) (&& (== net8.0-windows10.0.17763.0) (>= xamarinwatchos)) (== netstandard2.0)
    System.Numerics.Vectors (4.5) - restriction: || (== net472) (&& (== net8.0) (< net6.0)) (&& (== net8.0-windows10.0.17763.0) (< net6.0)) (== netstandard2.0)
    System.Reflection.Emit (4.7) - restriction: || (== net472) (&& (== net8.0) (< net6.0)) (&& (== net8.0-windows10.0.17763.0) (< net6.0)) (== netstandard2.0)
      System.Reflection.Emit.ILGeneration (>= 4.7) - restriction: || (&& (== net472) (== net8.0)) (&& (== net472) (== net8.0-windows10.0.17763.0)) (&& (== net472) (< net45)) (&& (== net472) (< netstandard1.1)) (&& (== net472) (< netstandard2.0) (>= wpa81)) (&& (== net472) (>= uap10.1)) (&& (== net8.0) (< netcoreapp2.0) (< netstandard2.1)) (&& (== net8.0) (< netstandard1.1)) (&& (== net8.0) (< netstandard2.0)) (&& (== net8.0) (>= uap10.1)) (&& (== net8.0-windows10.0.17763.0) (< netcoreapp2.0) (< netstandard2.1)) (&& (== net8.0-windows10.0.17763.0) (< netstandard1.1)) (&& (== net8.0-windows10.0.17763.0) (< netstandard2.0)) (&& (== net8.0-windows10.0.17763.0) (>= uap10.1)) (== netstandard2.0)
    System.Reflection.Emit.ILGeneration (4.7) - restriction: || (&& (== net472) (== net8.0)) (&& (== net472) (== net8.0-windows10.0.17763.0)) (&& (== net472) (< net45)) (&& (== net472) (< netstandard1.1)) (&& (== net472) (< netstandard2.0) (>= wpa81)) (&& (== net472) (>= uap10.1)) (&& (== net8.0) (< netcoreapp2.0) (< netstandard2.1)) (&& (== net8.0) (< netstandard1.1)) (&& (== net8.0) (< netstandard2.0)) (&& (== net8.0) (>= uap10.1)) (&& (== net8.0-windows10.0.17763.0) (< netcoreapp2.0) (< netstandard2.1)) (&& (== net8.0-windows10.0.17763.0) (< netstandard1.1)) (&& (== net8.0-windows10.0.17763.0) (< netstandard2.0)) (&& (== net8.0-windows10.0.17763.0) (>= uap10.1)) (== netstandard2.0)
    System.Reflection.Emit.Lightweight (4.7) - restriction: || (== net472) (&& (== net8.0) (< net6.0)) (&& (== net8.0-windows10.0.17763.0) (< net6.0)) (== netstandard2.0)
      System.Reflection.Emit.ILGeneration (>= 4.7) - restriction: || (&& (== net472) (== net8.0)) (&& (== net472) (== net8.0-windows10.0.17763.0)) (&& (== net472) (< net45)) (&& (== net472) (< netstandard2.0) (>= wpa81)) (&& (== net472) (< portable-net45+wp8)) (&& (== net472) (>= uap10.1)) (&& (== net8.0) (< netcoreapp2.0) (< netstandard2.1)) (&& (== net8.0) (< netstandard2.0)) (&& (== net8.0) (< portable-net45+wp8)) (&& (== net8.0) (>= uap10.1)) (&& (== net8.0-windows10.0.17763.0) (< netcoreapp2.0) (< netstandard2.1)) (&& (== net8.0-windows10.0.17763.0) (< netstandard2.0)) (&& (== net8.0-windows10.0.17763.0) (< portable-net45+wp8)) (&& (== net8.0-windows10.0.17763.0) (>= uap10.1)) (== netstandard2.0)
    System.Reflection.Metadata (8.0)
      System.Collections.Immutable (>= 8.0)
      System.Memory (>= 4.5.5) - restriction: || (== net472) (&& (== net8.0) (>= net462)) (&& (== net8.0) (< net6.0)) (&& (== net8.0-windows10.0.17763.0) (>= net462)) (&& (== net8.0-windows10.0.17763.0) (< net6.0)) (== netstandard2.0)
    System.Reflection.TypeExtensions (4.7)
    System.Runtime.CompilerServices.Unsafe (6.0)
    System.Runtime.InteropServices.RuntimeInformation (4.3) - restriction: || (== net472) (&& (== net8.0) (>= net45)) (&& (== net8.0) (< netstandard2.0)) (&& (== net8.0-windows10.0.17763.0) (>= net45)) (&& (== net8.0-windows10.0.17763.0) (< netstandard2.0)) (&& (== netstandard2.0) (>= net45))
    System.Security.AccessControl (6.0.1) - restriction: || (== net472) (&& (== net8.0) (>= monoandroid) (< netstandard1.3)) (&& (== net8.0) (>= monotouch)) (&& (== net8.0) (>= net461)) (&& (== net8.0) (< net6.0)) (&& (== net8.0) (< netcoreapp2.0)) (&& (== net8.0) (>= uap10.1)) (&& (== net8.0-windows10.0.17763.0) (>= monoandroid) (< netstandard1.3)) (&& (== net8.0-windows10.0.17763.0) (>= monotouch)) (&& (== net8.0-windows10.0.17763.0) (>= net461)) (&& (== net8.0-windows10.0.17763.0) (< net6.0)) (&& (== net8.0-windows10.0.17763.0) (< netcoreapp2.0)) (&& (== net8.0-windows10.0.17763.0) (>= uap10.1)) (== netstandard2.0)
      System.Security.Principal.Windows (>= 5.0) - restriction: || (== net472) (&& (== net8.0) (>= net461)) (&& (== net8.0) (< net6.0)) (&& (== net8.0-windows10.0.17763.0) (>= net461)) (&& (== net8.0-windows10.0.17763.0) (< net6.0)) (== netstandard2.0)
    System.Security.Principal.Windows (5.0) - restriction: || (== net472) (&& (== net8.0) (>= monoandroid) (< netstandard1.3)) (&& (== net8.0) (>= monotouch)) (&& (== net8.0) (>= net461)) (&& (== net8.0) (< net6.0)) (&& (== net8.0) (< netcoreapp2.0)) (&& (== net8.0) (>= uap10.1)) (&& (== net8.0-windows10.0.17763.0) (>= monoandroid) (< netstandard1.3)) (&& (== net8.0-windows10.0.17763.0) (>= monotouch)) (&& (== net8.0-windows10.0.17763.0) (>= net461)) (&& (== net8.0-windows10.0.17763.0) (< net6.0)) (&& (== net8.0-windows10.0.17763.0) (< netcoreapp2.0)) (&& (== net8.0-windows10.0.17763.0) (>= uap10.1)) (== netstandard2.0)
    System.Text.Encoding.CodePages (8.0) - restriction: || (== net472) (&& (== net8.0) (< net7.0)) (&& (== net8.0-windows10.0.17763.0) (< net7.0)) (== netstandard2.0)
      System.Memory (>= 4.5.5) - restriction: || (== net472) (&& (== net8.0) (>= net462)) (&& (== net8.0) (< net6.0)) (&& (== net8.0-windows10.0.17763.0) (>= net462)) (&& (== net8.0-windows10.0.17763.0) (< net6.0)) (== netstandard2.0)
      System.Runtime.CompilerServices.Unsafe (>= 6.0) - restriction: || (== net472) (&& (== net8.0) (>= net462)) (&& (== net8.0) (< net6.0)) (&& (== net8.0) (< net7.0)) (&& (== net8.0-windows10.0.17763.0) (>= net462)) (&& (== net8.0-windows10.0.17763.0) (< net6.0)) (&& (== net8.0-windows10.0.17763.0) (< net7.0)) (== netstandard2.0)
    System.Threading.Tasks.Extensions (4.5.4) - restriction: || (== net472) (&& (== net8.0) (< net6.0)) (&& (== net8.0-windows10.0.17763.0) (< net6.0)) (== netstandard2.0)
      System.Runtime.CompilerServices.Unsafe (>= 4.5.3) - restriction: || (== net472) (&& (== net8.0) (>= net461)) (&& (== net8.0) (< netcoreapp2.1)) (&& (== net8.0) (< netstandard1.0)) (&& (== net8.0) (< netstandard2.0)) (&& (== net8.0) (>= wp8)) (&& (== net8.0-windows10.0.17763.0) (>= net461)) (&& (== net8.0-windows10.0.17763.0) (< netcoreapp2.1)) (&& (== net8.0-windows10.0.17763.0) (< netstandard1.0)) (&& (== net8.0-windows10.0.17763.0) (< netstandard2.0)) (&& (== net8.0-windows10.0.17763.0) (>= wp8)) (== netstandard2.0)
    YoloDev.Expecto.TestSdk (0.14.3)
      Expecto (>= 10.0 < 11.0) - restriction: || (&& (== net472) (>= net6.0)) (== net8.0) (== net8.0-windows10.0.17763.0) (&& (== netstandard2.0) (>= net6.0))
      FSharp.Core (>= 7.0.200) - restriction: || (&& (== net472) (>= net6.0)) (== net8.0) (== net8.0-windows10.0.17763.0) (&& (== netstandard2.0) (>= net6.0))
      System.Collections.Immutable (>= 6.0) - restriction: || (&& (== net472) (>= net6.0)) (== net8.0) (== net8.0-windows10.0.17763.0) (&& (== netstandard2.0) (>= net6.0))
