STORAGE: NONE
RESTRICTION: == net472
NUGET
  remote: https://api.nuget.org/v3/index.json
    Aardvark.Base (5.2.31)
      Aardvark.Base.Telemetry (5.2.31)
      System.Collections.Immutable (>= 5.0)
      System.Reflection.Metadata (>= 5.0)
      System.Text.Json (>= 4.7.2)
    Aardvark.Base.Essentials (5.2.31)
      Aardvark.Base (5.2.31)
      System.Collections.Immutable (>= 5.0)
    Aardvark.Base.FSharp (5.2.31)
      Aardvark.Base (5.2.31)
      Aardvark.Base.TypeProviders (>= 4.5.15 < 4.6)
      FSharp.Core (>= 5.0)
      FSharp.Data.Adaptive (>= 1.2 < 1.3)
      FsPickler (>= 5.3.2 < 5.4)
      System.Dynamic.Runtime (>= 4.3 < 4.4)
    Aardvark.Base.Incremental (5.2.31)
      Aardvark.Base (5.2.31)
      Aardvark.Base.FSharp (5.2.31)
      Aardvark.Base.TypeProviders (>= 4.5.15 < 4.6)
      FSharp.Core (>= 5.0)
      FSharp.Data.Adaptive (>= 1.2 < 1.3)
      FsPickler (>= 5.3.2 < 5.4)
    Aardvark.Base.IO (5.2.31)
      Aardvark.Base (5.2.31)
      Aardvark.Base.Tensors (5.2.31)
      System.Dynamic.Runtime (>= 4.3 < 4.4)
    Aardvark.Base.Telemetry (5.2.31)
    Aardvark.Base.Tensors (5.2.31)
      Aardvark.Base (5.2.31)
      Aardvark.Base.FSharp (5.2.31)
      FSharp.Core (>= 5.0)
      SixLabors.ImageSharp (>= 2.1.3 < 2.2)
    Aardvark.Base.TypeProviders (4.5.15)
      FSharp.Core (>= 3.1.2.5)
    Aardvark.Build (1.0.22)
    Aardvark.Geometry.Clustering (5.3.8)
      Aardvark.Base (>= 5.2.28 < 5.3)
      Aardvark.Geometry.PointTree (5.3.8)
      FSharp.Core (>= 5.0.1)
    Aardvark.Geometry.Intersection (5.3.8)
      Aardvark.Base.IO (>= 5.2.28 < 5.3)
    Aardvark.Geometry.PointTree (5.3.8)
      Aardvark.Base.IO (>= 5.2.28 < 5.3)
    Aardvark.Geometry.PolyMesh (5.3.8)
      Aardvark.Base (>= 5.2.28 < 5.3)
      Aardvark.Geometry.Clustering (5.3.8)
      Aardvark.Geometry.Intersection (5.3.8)
      Aardvark.Rendering (>= 5.4.8)
    Aardvark.Rendering (5.4.10)
      Aardvark.Base.Essentials (>= 5.2.27 < 5.3)
      Aardvark.Base.Incremental (>= 5.2.27 < 5.3)
      Aardvark.Base.Tensors (>= 5.2.27 < 5.3)
      FShade.Core (>= 5.5.3 < 5.6)
      FShade.GLSL (>= 5.5.3)
      FSharp.Core (>= 5.0.1)
      FSharp.Data.Adaptive (>= 1.2.13 < 1.3)
    FShade.Core (5.5.4)
      Aardvark.Base (>= 5.2.19 < 5.3)
      Aardvark.Base.FSharp (>= 5.2.19 < 5.3)
      FShade.Imperative (5.5.4)
      FSharp.Core (>= 5.0)
    FShade.GLSL (5.5.4)
      Aardvark.Base (>= 5.2.19 < 5.3)
      Aardvark.Base.FSharp (>= 5.2.19 < 5.3)
      FShade.Core (5.5.4)
      FShade.Imperative (5.5.4)
      FSharp.Core (>= 5.0)
    FShade.Imperative (5.5.4)
      Aardvark.Base (>= 5.2.19 < 5.3)
      Aardvark.Base.FSharp (>= 5.2.19 < 5.3)
      FSharp.Core (>= 5.0)
      FsPickler (>= 5.3.2 < 5.4)
    FSharp.Core (5.0.1)
    FSharp.Data.Adaptive (1.2.15)
      FSharp.Core (>= 4.7)
      System.Reflection.Emit.Lightweight (>= 4.6)
    FsPickler (5.3.2)
      FSharp.Core (>= 4.3.2)
    ManagedEsent (2.0)
    Microsoft.Bcl.AsyncInterfaces (8.0)
      System.Threading.Tasks.Extensions (>= 4.5.4)
    Microsoft.Extensions.Configuration (2.1.1)
      Microsoft.Extensions.Configuration.Abstractions (>= 2.1.1)
    Microsoft.Extensions.Configuration.Abstractions (2.1.1)
      Microsoft.Extensions.Primitives (>= 2.1.1)
    Microsoft.Extensions.Configuration.Binder (2.1.1)
      Microsoft.Extensions.Configuration (>= 2.1.1)
    Microsoft.Extensions.DependencyInjection.Abstractions (2.1.1)
    Microsoft.Extensions.Logging (2.1.1)
      Microsoft.Extensions.Configuration.Binder (>= 2.1.1)
      Microsoft.Extensions.DependencyInjection.Abstractions (>= 2.1.1)
      Microsoft.Extensions.Logging.Abstractions (>= 2.1.1)
      Microsoft.Extensions.Options (>= 2.1.1)
    Microsoft.Extensions.Logging.Abstractions (2.1.1)
    Microsoft.Extensions.Options (2.1.1)
      Microsoft.Extensions.DependencyInjection.Abstractions (>= 2.1.1)
      Microsoft.Extensions.Primitives (>= 2.1.1)
    Microsoft.Extensions.Primitives (2.1.1)
      System.Memory (>= 4.5.1)
      System.Runtime.CompilerServices.Unsafe (>= 4.5.1)
    SixLabors.ImageSharp (2.1.8)
      System.Buffers (>= 4.5.1)
      System.Memory (>= 4.5.4)
      System.Numerics.Vectors (>= 4.5)
      System.Runtime.CompilerServices.Unsafe (>= 5.0)
      System.Text.Encoding.CodePages (>= 5.0)
    System.Buffers (4.5.1)
    System.Collections.Immutable (8.0)
      System.Memory (>= 4.5.5)
      System.Runtime.CompilerServices.Unsafe (>= 6.0)
    System.Dynamic.Runtime (4.3)
    System.Memory (4.5.5)
      System.Buffers (>= 4.5.1)
      System.Numerics.Vectors (>= 4.5)
      System.Runtime.CompilerServices.Unsafe (>= 4.5.3)
    System.Numerics.Vectors (4.5)
    System.Reflection.Emit.Lightweight (4.7)
    System.Reflection.Metadata (8.0)
      System.Collections.Immutable (>= 8.0)
      System.Memory (>= 4.5.5)
    System.Runtime.CompilerServices.Unsafe (6.0)
    System.Text.Encoding.CodePages (8.0)
      System.Memory (>= 4.5.5)
      System.Runtime.CompilerServices.Unsafe (>= 6.0)
    System.Text.Encodings.Web (8.0)
      System.Buffers (>= 4.5.1)
      System.Memory (>= 4.5.5)
      System.Runtime.CompilerServices.Unsafe (>= 6.0)
    System.Text.Json (8.0.3)
      Microsoft.Bcl.AsyncInterfaces (>= 8.0)
      System.Buffers (>= 4.5.1)
      System.Memory (>= 4.5.5)
      System.Runtime.CompilerServices.Unsafe (>= 6.0)
      System.Text.Encodings.Web (>= 8.0)
      System.Threading.Tasks.Extensions (>= 4.5.4)
      System.ValueTuple (>= 4.5)
    System.Threading.Tasks (4.3)
    System.Threading.Tasks.Extensions (4.5.4)
      System.Runtime.CompilerServices.Unsafe (>= 4.5.3)
    System.ValueTuple (4.5)
    Xbim.Common (5.1.341)
      Microsoft.Extensions.Logging (>= 2.1.1)
      Microsoft.Extensions.Logging.Abstractions (>= 2.1.1)
      System.Memory (>= 4.5.4)
    Xbim.Essentials (5.1.341)
      Xbim.Common (>= 5.1.341)
      Xbim.Ifc (>= 5.1.341)
      Xbim.Ifc2x3 (>= 5.1.341)
      Xbim.Ifc4 (>= 5.1.341)
      Xbim.IO.Esent (>= 5.1.341)
      Xbim.IO.MemoryModel (>= 5.1.341)
      Xbim.Tessellator (>= 5.1.341)
    Xbim.Geometry (5.1.437)
      Xbim.Geometry.Engine.Interop (>= 5.1.437)
      Xbim.ModelGeometry.Scene (>= 5.1.437)
    Xbim.Geometry.Engine.Interop (5.1.437)
      Microsoft.Extensions.Logging (>= 2.1.1)
      Microsoft.Extensions.Logging.Abstractions (>= 2.1.1)
      System.Threading.Tasks (>= 4.3)
      Xbim.Ifc (>= 5.1.341)
      Xbim.Tessellator (>= 5.1.314)
    Xbim.Ifc (5.1.341)
      Xbim.IO.MemoryModel (>= 5.1.341)
    Xbim.Ifc2x3 (5.1.341)
      Xbim.Ifc4 (>= 5.1.341)
    Xbim.Ifc4 (5.1.341)
      Xbim.Common (>= 5.1.341)
    Xbim.IO.Esent (5.1.341)
      ManagedEsent (>= 1.9.4)
      Xbim.IO.MemoryModel (>= 5.1.341)
    Xbim.IO.MemoryModel (5.1.341)
      Xbim.Ifc2x3 (>= 5.1.341)
    Xbim.ModelGeometry.Scene (5.1.437)
      Xbim.Geometry.Engine.Interop (>= 5.1.437)
      Xbim.Ifc (>= 5.1.341)
      Xbim.Tessellator (>= 5.1.341)
    Xbim.Tessellator (5.1.341)
      Xbim.Ifc2x3 (>= 5.1.341)

GROUP Test
STORAGE: NONE
RESTRICTION: == net472
NUGET
  remote: https://api.nuget.org/v3/index.json
    Microsoft.CodeCoverage (17.9)
    Microsoft.NET.Test.Sdk (17.7.2)
      Microsoft.CodeCoverage (>= 17.7.2)
    NUnit (3.13.3)
    NUnit3TestAdapter (4.5)
